PATH
  remote: .
  specs:
    gitme (0.1.0)
      launchy (~> 2.5)
      octokit (~> 4.0)
      thor (~> 1.1)

GEM
  remote: https://rubygems.org/
  specs:
    addressable (2.7.0)
      public_suffix (>= 2.0.2, < 5.0)
    faraday (1.3.0)
      faraday-net_http (~> 1.0)
      multipart-post (>= 1.2, < 3)
      ruby2_keywords
    faraday-net_http (1.0.1)
    launchy (2.5.0)
      addressable (~> 2.7)
    multipart-post (2.1.1)
    octokit (4.20.0)
      faraday (>= 0.9)
      sawyer (~> 0.8.0, >= 0.5.3)
    public_suffix (4.0.6)
    rake (13.0.3)
    ruby2_keywords (0.0.2)
    sawyer (0.8.2)
      addressable (>= 2.3.5)
      faraday (> 0.8, < 2.0)
    thor (1.1.0)

PLATFORMS
  x86_64-linux

DEPENDENCIES
  gitme!
  rake (~> 13.0)

BUNDLED WITH
   2.2.5
